PATH
  remote: .
  specs:
    birdies-backend (0.0.1-java)
      json
      neo4j (>= 1.1.0)
      twitter

GEM
  remote: http://rubygems.org/
  specs:
    abstract (1.0.0)
    actionpack (3.0.7)
      activemodel (= 3.0.7)
      activesupport (= 3.0.7)
      builder (~> 2.1.2)
      erubis (~> 2.6.6)
      i18n (~> 0.5.0)
      rack (~> 1.2.1)
      rack-mount (~> 0.6.14)
      rack-test (~> 0.5.7)
      tzinfo (~> 0.3.23)
    activemodel (3.0.7)
      activesupport (= 3.0.7)
      builder (~> 2.1.2)
      i18n (~> 0.5.0)
    activesupport (3.0.7)
    addressable (2.2.6)
    bouncy-castle-java (1.5.0146.1)
    builder (2.1.2)
    crack (0.1.8)
    diff-lcs (1.1.2)
    erubis (2.6.6)
      abstract (>= 1.0.0)
    faraday (0.6.1)
      addressable (~> 2.2.4)
      multipart-post (~> 1.1.0)
      rack (>= 1.1.0, < 2)
    faraday_middleware (0.6.3)
      faraday (~> 0.6.0)
    hashie (1.0.0)
    i18n (0.5.0)
    jruby-openssl (0.7.4)
      bouncy-castle-java
    json (1.5.1-java)
    multi_json (1.0.2)
    multi_xml (0.2.2)
    multipart-post (1.1.0)
    neo4j (1.1.0-java)
      activemodel (>= 3.0.0)
      orm_adapter (>= 0.0.3)
      railties (>= 3.0.0)
      will_paginate (~> 3.0.pre)
    orm_adapter (0.0.5)
    rack (1.2.2)
    rack-mount (0.6.14)
      rack (>= 1.0.0)
    rack-test (0.5.7)
      rack (>= 1.0)
    railties (3.0.7)
      actionpack (= 3.0.7)
      activesupport (= 3.0.7)
      rake (>= 0.8.7)
      thor (~> 0.14.4)
    rake (0.8.7)
    rash (0.3.0)
      hashie (~> 1.0.0)
    rspec (2.6.0)
      rspec-core (~> 2.6.0)
      rspec-expectations (~> 2.6.0)
      rspec-mocks (~> 2.6.0)
    rspec-core (2.6.0)
    rspec-expectations (2.6.0)
      diff-lcs (~> 1.1.2)
    rspec-mocks (2.6.0)
    simple_oauth (0.1.5)
    thor (0.14.6)
    twitter (1.4.1)
      faraday (~> 0.6.1)
      faraday_middleware (~> 0.6.3)
      hashie (~> 1.0.0)
      multi_json (~> 1.0.0)
      multi_xml (~> 0.2.0)
      rash (~> 0.3.0)
      simple_oauth (~> 0.1.4)
    tzinfo (0.3.27)
    webmock (1.6.2)
      addressable (>= 2.2.2)
      crack (>= 0.1.7)
    will_paginate (3.0.pre2)

PLATFORMS
  java

DEPENDENCIES
  birdies-backend!
  jruby-openssl
  rspec
  twitter
  webmock
